PATH
  remote: .
  specs:
    comma (3.2.1)
      activesupport (>= 3.0.0)

GEM
  remote: http://rubygems.org/
  specs:
    activesupport (3.2.14)
      i18n (~> 0.6, >= 0.6.4)
      multi_json (~> 1.0)
    appraisal (1.0.0)
      bundler
      rake
      thor (>= 0.14.0)
    diff-lcs (1.1.3)
    fastercsv (1.5.4)
    i18n (0.6.5)
    multi_json (1.1.0)
    rake (0.9.6)
    rspec (2.8.0)
      rspec-core (~> 2.8.0)
      rspec-expectations (~> 2.8.0)
      rspec-mocks (~> 2.8.0)
    rspec-core (2.8.0)
    rspec-expectations (2.8.0)
      diff-lcs (~> 1.1.2)
    rspec-mocks (2.8.0)
    simplecov (0.6.1)
      multi_json (~> 1.0)
      simplecov-html (~> 0.5.3)
    simplecov-html (0.5.3)
    sqlite3 (1.3.5)
    thor (0.19.1)

PLATFORMS
  ruby

DEPENDENCIES
  appraisal (~> 1.0.0)
  comma!
  fastercsv
  rake (~> 0.9.2)
  rspec (~> 2.8.0)
  simplecov
  sqlite3 (~> 1.3.4)
