PATH
  remote: .
  specs:
    comma (3.2.4)
      activesupport (>= 3.0.0)

GEM
  remote: https://rubygems.org/
  specs:
    activesupport (3.2.14)
      i18n (~> 0.6, >= 0.6.4)
      multi_json (~> 1.0)
    appraisal (0.4.1)
      bundler
      rake
    colorize (0.7.5)
    coveralls (0.5.8)
      colorize
      json
      rest-client
      simplecov (>= 0.7)
      thor
    diff-lcs (1.1.3)
    docile (1.1.5)
    fastercsv (1.5.4)
    i18n (0.6.5)
    json (1.8.2)
    mime-types (1.25.1)
    multi_json (1.1.0)
    rake (0.9.2.2)
    rdoc (4.2.0)
      json (~> 1.4)
    rest-client (1.6.8)
      mime-types (~> 1.16)
      rdoc (>= 2.4.2)
    rspec (2.8.0)
      rspec-core (~> 2.8.0)
      rspec-expectations (~> 2.8.0)
      rspec-mocks (~> 2.8.0)
    rspec-core (2.8.0)
    rspec-expectations (2.8.0)
      diff-lcs (~> 1.1.2)
    rspec-mocks (2.8.0)
    simplecov (0.9.2)
      docile (~> 1.1.0)
      multi_json (~> 1.0)
      simplecov-html (~> 0.9.0)
    simplecov-html (0.9.0)
    sqlite3 (1.3.11)
    thor (0.19.1)

PLATFORMS
  ruby

DEPENDENCIES
  appraisal (~> 0.4.1)
  comma!
  coveralls
  fastercsv
  rake (~> 0.9.2)
  rest-client (> 1.6.2, < 1.7)
  rspec (~> 2.8.0)
  sqlite3 (~> 1.3.4)

BUNDLED WITH
   1.12.5
